GEM
  remote: http://gemcutter.org/
  specs:
    bit-struct (0.13.6)
    cheat (1.3.0)
    haml (3.1.2)
    libxml-ruby (2.0.9)
    libxml4r (0.2.6)
      libxml-ruby (>= 1.1.3)
    nokogiri (1.5.0)
    nokogiri-plist (0.4.0)
      nokogiri
    plist (3.1.0)
    plist4r (1.1.6)
      haml
      libxml-ruby
      libxml4r

PLATFORMS
  ruby

DEPENDENCIES
  bit-struct
  cheat
  nokogiri-plist
  plist
  plist4r
