GEM
  remote: http://rubygems.org/
  specs:
    CFPropertyList (2.0.17)
      libxml-ruby (>= 1.1.0)
      rake (>= 0.7.0)
    bit-struct (0.13.6)
    libxml-ruby (2.0.9)
    rake (0.9.2)

PLATFORMS
  ruby

DEPENDENCIES
  CFPropertyList
  bit-struct
